GIT
  remote: https://github.com/kastiglione/motion.h
  revision: f5f9062f618c130bda24566151ad0d91233b7bd4
  specs:
    motion.h (0.0.4)

GEM
  remote: https://rubygems.org/
  specs:
    ProMotion (2.2.1)
      methadone (~> 1.7)
    ProMotion-form (0.3.0)
      ProMotion (~> 2.0)
      motion-cocoapods (~> 1.4)
    ProMotion-map (0.7.0)
      ProMotion (~> 2.0)
    ProMotion-menu (1.1.0)
      ProMotion (~> 2)
      motion-cocoapods (~> 1)
    activesupport (4.2.1)
      i18n (~> 0.7)
      json (~> 1.7, >= 1.7.7)
      minitest (~> 5.1)
      thread_safe (~> 0.3, >= 0.3.4)
      tzinfo (~> 1.1)
    bubble-wrap (1.8.0)
    claide (0.8.1)
    cocoapods (0.36.1)
      activesupport (>= 3.2.15)
      claide (~> 0.8.1)
      cocoapods-core (= 0.36.1)
      cocoapods-downloader (~> 0.8.1)
      cocoapods-plugins (~> 0.4.1)
      cocoapods-trunk (~> 0.6.0)
      cocoapods-try (~> 0.4.3)
      colored (~> 1.2)
      escape (~> 0.0.4)
      molinillo (~> 0.2.1)
      nap (~> 0.8)
      open4 (~> 1.3)
      xcodeproj (~> 0.23.1)
    cocoapods-core (0.36.1)
      activesupport (>= 3.2.15)
      fuzzy_match (~> 2.0.4)
      nap (~> 0.8.0)
    cocoapods-downloader (0.8.1)
    cocoapods-plugins (0.4.1)
      nap
    cocoapods-trunk (0.6.0)
      nap (>= 0.8)
      netrc (= 0.7.8)
    cocoapods-try (0.4.3)
    colored (1.2)
    dbt (1.1.5)
    escape (0.0.4)
    fuzzy_match (2.0.4)
    i18n (0.7.0)
    json (1.8.2)
    methadone (1.9.0)
      bundler
    minitest (5.5.1)
    molinillo (0.2.3)
    motion-cocoapods (1.7.0)
      cocoapods (>= 0.34)
    motion-kit (0.17.0)
      dbt (~> 1.1.5)
    motion-sqlite3 (0.5.2)
      motion.h (~> 0.0.4)
    motion_record (0.0.3)
    nap (0.8.0)
    netrc (0.7.8)
    open4 (1.3.4)
    rake (10.4.2)
    sugarcube (3.3.4)
    thread_safe (0.3.5)
    tzinfo (1.2.2)
      thread_safe (~> 0.1)
    xcodeproj (0.23.1)
      activesupport (>= 3)
      colored (~> 1.2)

PLATFORMS
  ruby

DEPENDENCIES
  ProMotion
  ProMotion-form
  ProMotion-map
  ProMotion-menu
  bubble-wrap
  motion-kit
  motion-sqlite3
  motion.h!
  motion_record
  rake
  sugarcube
